GEM
  remote: https://rubygems.org/
  specs:
    addressable (2.8.5)
      public_suffix (>= 2.0.2, < 6.0)
    coderay (1.1.3)
    concurrent-ruby (1.2.2)
    dotenv (2.8.1)
    dry-core (1.0.1)
      concurrent-ruby (~> 1.0)
      zeitwerk (~> 2.6)
    dry-inflector (1.0.0)
    dry-logic (1.5.0)
      concurrent-ruby (~> 1.0)
      dry-core (~> 1.0, < 2)
      zeitwerk (~> 2.6)
    dry-struct (1.6.0)
      dry-core (~> 1.0, < 2)
      dry-types (>= 1.7, < 2)
      ice_nine (~> 0.11)
      zeitwerk (~> 2.6)
    dry-types (1.7.1)
      concurrent-ruby (~> 1.0)
      dry-core (~> 1.0)
      dry-inflector (~> 1.0)
      dry-logic (~> 1.4)
      zeitwerk (~> 2.6)
    faraday (2.7.10)
      faraday-net_http (>= 2.0, < 3.1)
      ruby2_keywords (>= 0.0.4)
    faraday-multipart (1.0.4)
      multipart-post (~> 2)
    faraday-net_http (3.0.2)
    ice_nine (0.11.2)
    json (2.6.3)
    koala (3.4.0)
      addressable
      faraday
      faraday-multipart
      json (>= 1.8)
      rexml
    method_source (1.0.0)
    multipart-post (2.3.0)
    pry (0.14.2)
      coderay (~> 1.1)
      method_source (~> 1.0)
    public_suffix (5.0.3)
    rexml (3.2.6)
    ruby2_keywords (0.0.5)
    telegram-bot-ruby (1.0.0)
      dry-struct (~> 1.6)
      faraday (~> 2.0)
      faraday-multipart (~> 1.0)
      zeitwerk (~> 2.6)
    zeitwerk (2.6.11)

PLATFORMS
  arm64-darwin-22

DEPENDENCIES
  dotenv
  koala
  pry
  telegram-bot-ruby

RUBY VERSION
   ruby 3.2.1p31

BUNDLED WITH
   2.4.15
